NUGET
  remote: https://nuget.org/api/v2
  specs:
    FAKE (3.29.2)
    FSharp.Core (4.2.3)
    FsPickler (1.0.17)
    Suave (2.2.1)
      FSharp.Core (>= 4.2.3)
      FsPickler (>= 1.0.7)
